PATH
  remote: .
  specs:
    ariadne (0.0.1)
      fakeredis
      hiredis
      redis

GEM
  remote: https://rubygems.org/
  specs:
    byebug (10.0.0)
    codeclimate-test-reporter (1.0.8)
      simplecov (<= 0.13)
    coderay (1.1.2)
    docile (1.1.5)
    fakeredis (0.7.0)
      redis (>= 3.2, < 5.0)
    hiredis (0.6.1)
    json (2.1.0)
    method_source (0.9.0)
    minitest (5.11.3)
    pry (0.11.3)
      coderay (~> 1.1.0)
      method_source (~> 0.9.0)
    pry-byebug (3.6.0)
      byebug (~> 10.0)
      pry (~> 0.10)
    rake (12.3.0)
    redis (4.0.1)
    simplecov (0.13.0)
      docile (~> 1.1.0)
      json (>= 1.8, < 3)
      simplecov-html (~> 0.10.0)
    simplecov-html (0.10.2)

PLATFORMS
  ruby

DEPENDENCIES
  ariadne!
  bundler
  codeclimate-test-reporter
  minitest (~> 5.0)
  pry-byebug
  rake
  simplecov

BUNDLED WITH
   1.16.0.pre.2
